GEM
  remote: https://rubygems.org/
  specs:
    byebug (10.0.2)
    mini_portile2 (2.8.1)
    nokogiri (1.14.3)
      mini_portile2 (~> 2.8.0)
      racc (~> 1.4)
    racc (1.6.2)

PLATFORMS
  ruby

DEPENDENCIES
  byebug
  nokogiri

BUNDLED WITH
   2.1.4
